GEM
  remote: https://rubygems.org/
  specs:
    arr-pm (0.0.9)
      cabin (> 0)
    ast (2.0.0)
    backports (3.6.0)
    cabin (0.6.1)
    childprocess (0.5.3)
      ffi (~> 1.0, >= 1.0.11)
    clamp (0.6.3)
    daemons (1.1.9)
    eventmachine (1.0.3)
    eventmachine (1.0.3-java)
    ffi (1.9.3)
    ffi (1.9.3-java)
    fpm (1.2.0)
      arr-pm (~> 0.0.9)
      backports (>= 2.6.2)
      cabin (>= 0.6.0)
      childprocess
      clamp (~> 0.6)
      ffi
      json (>= 1.7.7)
    jruby-jars (1.7.13)
    jruby-rack (1.1.14)
    json (1.8.1)
    json (1.8.1-java)
    minitest (5.4.0)
    parser (2.2.0.pre.3)
      ast (>= 1.1, < 3.0)
      slop (~> 3.4, >= 3.4.5)
    powerpack (0.0.9)
    rainbow (2.0.0)
    rake (10.3.2)
    rubocop (0.24.1)
      json (>= 1.7.7, < 2)
      parser (>= 2.2.0.pre.3, < 3.0)
      powerpack (~> 0.0.6)
      rainbow (>= 1.99.1, < 3.0)
      ruby-progressbar (~> 1.4)
    ruby-progressbar (1.5.1)
    rubydns (0.8.5)
      eventmachine (~> 1.0.0)
    rubyzip (1.1.6)
    slop (3.6.0)
    warbler (1.4.4)
      jruby-jars (>= 1.5.6, < 2.0)
      jruby-rack (>= 1.0.0)
      rake (>= 0.9.6)
      rubyzip (>= 0.9, < 1.2)

PLATFORMS
  java
  ruby

DEPENDENCIES
  daemons
  fpm
  minitest
  rake
  rubocop
  rubydns
  warbler
