GEM
  remote: https://rubygems.org/
  specs:
    ast (2.0.0)
    eventmachine (1.0.3)
    eventmachine (1.0.3-java)
    jruby-jars (1.7.13)
    jruby-rack (1.1.14)
    json (1.8.0-java)
    parser (2.2.0.pre.3)
      ast (>= 1.1, < 3.0)
      slop (~> 3.4, >= 3.4.5)
    powerpack (0.0.9)
    rainbow (2.0.0)
    rake (10.1.0)
    rubocop (0.24.1)
      json (>= 1.7.7, < 2)
      parser (>= 2.2.0.pre.3, < 3.0)
      powerpack (~> 0.0.6)
      rainbow (>= 1.99.1, < 3.0)
      ruby-progressbar (~> 1.4)
    ruby-progressbar (1.5.1)
    rubydns (0.8.4)
      eventmachine (~> 1.0.0)
    rubyzip (1.0.0)
    slop (3.5.0)
    warbler (1.4.3)
      jruby-jars (>= 1.5.6, < 2.0)
      jruby-rack (>= 1.0.0)
      rake (>= 0.9.6)
      rubyzip (>= 0.9, < 1.1)

PLATFORMS
  java
  ruby

DEPENDENCIES
  rubocop
  rubydns
  warbler
